GEM
  remote: https://rubygems.org/
  specs:
    actioncable (6.0.4.1)
      actionpack (= 6.0.4.1)
      nio4r (~> 2.0)
      websocket-driver (>= 0.6.1)
    actionmailbox (6.0.4.1)
      actionpack (= 6.0.4.1)
      activejob (= 6.0.4.1)
      activerecord (= 6.0.4.1)
      activestorage (= 6.0.4.1)
      activesupport (= 6.0.4.1)
      mail (>= 2.7.1)
    actionmailer (6.0.4.1)
      actionpack (= 6.0.4.1)
      actionview (= 6.0.4.1)
      activejob (= 6.0.4.1)
      mail (~> 2.5, >= 2.5.4)
      rails-dom-testing (~> 2.0)
    actionpack (6.0.4.1)
      actionview (= 6.0.4.1)
      activesupport (= 6.0.4.1)
      rack (~> 2.0, >= 2.0.8)
      rack-test (>= 0.6.3)
      rails-dom-testing (~> 2.0)
      rails-html-sanitizer (~> 1.0, >= 1.2.0)
    actiontext (6.0.4.1)
      actionpack (= 6.0.4.1)
      activerecord (= 6.0.4.1)
      activestorage (= 6.0.4.1)
      activesupport (= 6.0.4.1)
      nokogiri (>= 1.8.5)
    actionview (6.0.4.1)
      activesupport (= 6.0.4.1)
      builder (~> 3.1)
      erubi (~> 1.4)
      rails-dom-testing (~> 2.0)
      rails-html-sanitizer (~> 1.1, >= 1.2.0)
    activejob (6.0.4.1)
      activesupport (= 6.0.4.1)
      globalid (>= 0.3.6)
    activemodel (6.0.4.1)
      activesupport (= 6.0.4.1)
    activerecord (6.0.4.1)
      activemodel (= 6.0.4.1)
      activesupport (= 6.0.4.1)
    activestorage (6.0.4.1)
      actionpack (= 6.0.4.1)
      activejob (= 6.0.4.1)
      activerecord (= 6.0.4.1)
      marcel (~> 1.0.0)
    activesupport (6.0.4.1)
      concurrent-ruby (~> 1.0, >= 1.0.2)
      i18n (>= 0.7, < 2)
      minitest (~> 5.1)
      tzinfo (~> 1.1)
      zeitwerk (~> 2.2, >= 2.2.2)
    ast (2.4.2)
    backport (1.2.0)
    benchmark (0.1.1)
    bootsnap (1.9.1)
      msgpack (~> 1.0)
    builder (3.2.4)
    business_time (0.10.0)
      activesupport (>= 3.2.0)
      sorted_set
      tzinfo
    byebug (11.1.3)
    chronic (0.10.2)
    concurrent-ruby (1.1.9)
    crass (1.0.6)
    diff-lcs (1.4.4)
    e2mmap (0.1.0)
    erubi (1.10.0)
    faraday (1.8.0)
      faraday-em_http (~> 1.0)
      faraday-em_synchrony (~> 1.0)
      faraday-excon (~> 1.1)
      faraday-httpclient (~> 1.0.1)
      faraday-net_http (~> 1.0)
      faraday-net_http_persistent (~> 1.1)
      faraday-patron (~> 1.0)
      faraday-rack (~> 1.0)
      multipart-post (>= 1.2, < 3)
      ruby2_keywords (>= 0.0.4)
    faraday-em_http (1.0.0)
    faraday-em_synchrony (1.0.0)
    faraday-excon (1.1.0)
    faraday-httpclient (1.0.1)
    faraday-net_http (1.0.1)
    faraday-net_http_persistent (1.2.0)
    faraday-patron (1.0.0)
    faraday-rack (1.0.0)
    faraday_middleware (1.1.0)
      faraday (~> 1.0)
    ffi (1.15.4)
    firebase_id_token (2.4.0)
      httparty (~> 0.16, >= 0.16.2)
      jwt (~> 2.1, >= 2.1.0)
      redis (~> 4.0, >= 4.0.1)
      redis-namespace (~> 1.6, >= 1.6.0)
    globalid (0.5.2)
      activesupport (>= 5.0)
    graphiql-rails (1.8.0)
      railties
      sprockets-rails
    graphql (1.12.16)
    hashie (4.1.0)
    httparty (0.19.0)
      mime-types (~> 3.0)
      multi_xml (>= 0.5.2)
    i18n (1.8.10)
      concurrent-ruby (~> 1.0)
    iex-ruby-client (1.5.0)
      faraday (>= 0.17)
      faraday_middleware
      hashie
      money_helper
    jaro_winkler (1.5.4)
    jwt (2.2.3)
    kramdown (2.3.1)
      rexml
    kramdown-parser-gfm (1.1.0)
      kramdown (~> 2.0)
    listen (3.7.0)
      rb-fsevent (~> 0.10, >= 0.10.3)
      rb-inotify (~> 0.9, >= 0.9.10)
    loofah (2.12.0)
      crass (~> 1.0.2)
      nokogiri (>= 1.5.9)
    mail (2.7.1)
      mini_mime (>= 0.1.1)
    marcel (1.0.2)
    method_source (1.0.0)
    mime-types (3.3.1)
      mime-types-data (~> 3.2015)
    mime-types-data (3.2021.0901)
    mini_mime (1.1.1)
    minitest (5.14.4)
    money (6.16.0)
      i18n (>= 0.6.4, <= 2)
    money_helper (2.0.0)
      activesupport
      money (= 6.16.0)
    msgpack (1.4.2)
    multi_xml (0.6.0)
    multipart-post (2.1.1)
    nio4r (2.5.8)
    nokogiri (1.12.4-x86_64-darwin)
      racc (~> 1.4)
    nokogiri (1.12.4-x86_64-linux)
      racc (~> 1.4)
    parallel (1.21.0)
    parser (3.0.2.0)
      ast (~> 2.4.1)
    pg (1.2.3)
    puma (4.3.8)
      nio4r (~> 2.0)
    racc (1.5.2)
    rack (2.2.3)
    rack-cors (1.1.1)
      rack (>= 2.0.0)
    rack-test (1.1.0)
      rack (>= 1.0, < 3)
    rails (6.0.4.1)
      actioncable (= 6.0.4.1)
      actionmailbox (= 6.0.4.1)
      actionmailer (= 6.0.4.1)
      actionpack (= 6.0.4.1)
      actiontext (= 6.0.4.1)
      actionview (= 6.0.4.1)
      activejob (= 6.0.4.1)
      activemodel (= 6.0.4.1)
      activerecord (= 6.0.4.1)
      activestorage (= 6.0.4.1)
      activesupport (= 6.0.4.1)
      bundler (>= 1.3.0)
      railties (= 6.0.4.1)
      sprockets-rails (>= 2.0.0)
    rails-dom-testing (2.0.3)
      activesupport (>= 4.2.0)
      nokogiri (>= 1.6)
    rails-html-sanitizer (1.4.2)
      loofah (~> 2.3)
    railties (6.0.4.1)
      actionpack (= 6.0.4.1)
      activesupport (= 6.0.4.1)
      method_source
      rake (>= 0.8.7)
      thor (>= 0.20.3, < 2.0)
    rainbow (3.0.0)
    rake (13.0.6)
    rb-fsevent (0.11.0)
    rb-inotify (0.10.1)
      ffi (~> 1.0)
    rbtree (0.4.4)
    redis (4.2.5)
    redis-namespace (1.8.1)
      redis (>= 3.0.4)
    regexp_parser (2.1.1)
    reverse_markdown (2.0.0)
      nokogiri
    rexml (3.2.5)
    rubocop (1.21.0)
      parallel (~> 1.10)
      parser (>= 3.0.0.0)
      rainbow (>= 2.2.2, < 4.0)
      regexp_parser (>= 1.8, < 3.0)
      rexml
      rubocop-ast (>= 1.9.1, < 2.0)
      ruby-progressbar (~> 1.7)
      unicode-display_width (>= 1.4.0, < 3.0)
    rubocop-ast (1.11.0)
      parser (>= 3.0.1.1)
    ruby-progressbar (1.11.0)
    ruby2_keywords (0.0.5)
    sentry-rails (4.7.3)
      railties (>= 5.0)
      sentry-ruby-core (~> 4.7.0)
    sentry-ruby (4.7.3)
      concurrent-ruby (~> 1.0, >= 1.0.2)
      faraday (>= 1.0)
      sentry-ruby-core (= 4.7.3)
    sentry-ruby-core (4.7.3)
      concurrent-ruby
      faraday
    set (1.0.1)
    solargraph (0.43.1)
      backport (~> 1.2)
      benchmark
      bundler (>= 1.17.2)
      diff-lcs (~> 1.4)
      e2mmap
      jaro_winkler (~> 1.5)
      kramdown (~> 2.3)
      kramdown-parser-gfm (~> 1.1)
      parser (~> 3.0)
      reverse_markdown (>= 1.0.5, < 3)
      rubocop (>= 0.52)
      thor (~> 1.0)
      tilt (~> 2.0)
      yard (~> 0.9, >= 0.9.24)
    sorted_set (1.0.3)
      rbtree
      set (~> 1.0)
    spring (2.1.1)
    spring-watcher-listen (2.0.1)
      listen (>= 2.7, < 4.0)
      spring (>= 1.2, < 3.0)
    sprockets (4.0.2)
      concurrent-ruby (~> 1.0)
      rack (> 1, < 3)
    sprockets-rails (3.2.2)
      actionpack (>= 4.0)
      activesupport (>= 4.0)
      sprockets (>= 3.0.0)
    thor (1.1.0)
    thread_safe (0.3.6)
    tilt (2.0.10)
    tzinfo (1.2.9)
      thread_safe (~> 0.1)
    unicode-display_width (2.1.0)
    websocket-driver (0.7.5)
      websocket-extensions (>= 0.1.0)
    websocket-extensions (0.1.5)
    whenever (1.0.0)
      chronic (>= 0.6.3)
    yard (0.9.26)
    zeitwerk (2.4.2)

PLATFORMS
  x86_64-darwin-20
  x86_64-linux

DEPENDENCIES
  bootsnap (>= 1.4.2)
  business_time
  byebug
  faraday
  firebase_id_token
  graphiql-rails
  graphql
  iex-ruby-client
  listen (~> 3.2)
  pg (>= 0.18, < 2.0)
  puma (~> 4.1)
  rack-cors
  rails (~> 6.0.3, >= 6.0.3.4)
  redis (~> 4.2.5)
  sentry-rails
  sentry-ruby
  solargraph
  spring
  spring-watcher-listen (~> 2.0.0)
  whenever

RUBY VERSION
   ruby 3.0.0p0

BUNDLED WITH
   2.2.3
